GEM
  remote: http://rubygems.org/
  specs:
    file-tail (1.0.10)
      tins (~> 0.4.3)
    ruby2ruby (1.3.1)
      ruby_parser (~> 2.0)
      sexp_processor (~> 3.0)
    ruby_parser (2.3.1)
      sexp_processor (~> 3.0)
    sexp_processor (3.2.0)
    sourcify (0.4.2)
      file-tail (>= 1.0.5)
      ruby2ruby (>= 1.2.5)
      sexp_processor (>= 3.0.5)
    tins (0.4.3)

PLATFORMS
  ruby

DEPENDENCIES
  file-tail
  ruby_parser
  sourcify
